PATH
  remote: .
  specs:
    rdf-config (1.0.0)

GEM
  remote: https://rubygems.org/
  specs:
    rexml (3.2.5)

PLATFORMS
  ruby

DEPENDENCIES
  rdf-config!
  rexml

BUNDLED WITH
   1.16.1
